GIT
  remote: git://github.com/agoodman/clearance.git
  revision: c8d41f1923dc79a10c3d8fe121559a29542ed5a9
  specs:
    clearance (0.12.0)
      diesel (~> 0.1.5)
      rails (>= 3.0)

GIT
  remote: git://github.com/agoodman/foursquare-api.git
  revision: 13e1a629c825f5b46fdef8b095ee7252addb2d5f
  specs:
    foursquare-api (0.0.5)

GEM
  remote: http://rubygems.org/
  specs:
    abstract (1.0.0)
    actionmailer (3.0.7)
      actionpack (= 3.0.7)
      mail (~> 2.2.15)
    actionpack (3.0.7)
      activemodel (= 3.0.7)
      activesupport (= 3.0.7)
      builder (~> 2.1.2)
      erubis (~> 2.6.6)
      i18n (~> 0.5.0)
      rack (~> 1.2.1)
      rack-mount (~> 0.6.14)
      rack-test (~> 0.5.7)
      tzinfo (~> 0.3.23)
    activemodel (3.0.7)
      activesupport (= 3.0.7)
      builder (~> 2.1.2)
      i18n (~> 0.5.0)
    activerecord (3.0.7)
      activemodel (= 3.0.7)
      activesupport (= 3.0.7)
      arel (~> 2.0.2)
      tzinfo (~> 0.3.23)
    activeresource (3.0.7)
      activemodel (= 3.0.7)
      activesupport (= 3.0.7)
    activesupport (3.0.7)
    aegis (2.5.3)
    arel (2.0.10)
    builder (2.1.2)
    diesel (0.1.5)
      railties
    erubis (2.6.6)
      abstract (>= 1.0.0)
    factory_girl (2.2.0)
      activesupport
    factory_girl_rails (1.3.0)
      factory_girl (~> 2.2.0)
      railties (>= 3.0.0)
    geocoder (1.0.4)
    haml (3.1.3)
    i18n (0.5.0)
    jquery-rails (1.0.16)
      railties (~> 3.0)
      thor (~> 0.14)
    mail (2.2.19)
      activesupport (>= 2.3.6)
      i18n (>= 0.4.0)
      mime-types (~> 1.16)
      treetop (~> 1.4.8)
    mime-types (1.17.1)
    polyglot (0.3.2)
    rack (1.2.4)
    rack-mount (0.6.14)
      rack (>= 1.0.0)
    rack-test (0.5.7)
      rack (>= 1.0)
    rails (3.0.7)
      actionmailer (= 3.0.7)
      actionpack (= 3.0.7)
      activerecord (= 3.0.7)
      activeresource (= 3.0.7)
      activesupport (= 3.0.7)
      bundler (~> 1.0)
      railties (= 3.0.7)
    railties (3.0.7)
      actionpack (= 3.0.7)
      activesupport (= 3.0.7)
      rake (>= 0.8.7)
      thor (~> 0.14.4)
    rake (0.8.7)
    shoulda (2.11.3)
    sqlite3 (1.3.4)
    thor (0.14.6)
    treetop (1.4.10)
      polyglot
      polyglot (>= 0.3.1)
    tzinfo (0.3.30)

PLATFORMS
  ruby

DEPENDENCIES
  aegis
  clearance (= 0.12.0)!
  factory_girl_rails
  foursquare-api!
  geocoder
  haml
  jquery-rails
  rails (= 3.0.7)
  rake (= 0.8.7)
  shoulda
  sqlite3
